NUGET
  remote: https://www.nuget.org/api/v2
    FAKE (4.5.1)
    FSharp.Compiler.Service (0.0.90)
    FSharp.Formatting (2.11)
      FSharp.Compiler.Service (>= 0.0.90 <= 1.3)
      FSharpVSPowerTools.Core (1.9)
    FSharpVSPowerTools.Core (1.9)
      FSharp.Compiler.Service (>= 0.0.90)
    Microsoft.Bcl (1.1.10)
      Microsoft.Bcl.Build (>= 1.0.14)
    Microsoft.Bcl.Build (1.0.21) - import_targets: false
    Microsoft.Net.Http (2.2.29)
      Microsoft.Bcl (>= 1.1.10)
      Microsoft.Bcl.Build (>= 1.0.14)
    Octokit (0.16)
      Microsoft.Net.Http
    SourceLink.Fake (1.1)
    xunit (1.9.2) - framework: >= net45
    xunit.runner.console (2.1)
    xunit.runner.visualstudio (2.1.0) - version_in_path: true
GITHUB
  remote: fsharp/FAKE
    modules/Octokit/Octokit.fsx (43ae9cef7d74b609d96b716150f731d6700f9520)
      Octokit